GIT
  remote: git://github.com/mojombo/jekyll.git
  revision: 848a11b3a8275ae932d45c8e98a5aefb7c2fd3f7
  specs:
    jekyll (1.2.1)
      classifier (~> 1.3)
      colorator (~> 0.1)
      commander (~> 4.1.3)
      directory_watcher (~> 1.4.1)
      liquid (~> 2.5.2)
      maruku (~> 0.6.0)
      pygments.rb (~> 0.5.0)
      redcarpet (~> 2.3.0)
      safe_yaml (~> 0.9.7)

GEM
  remote: https://rubygems.org/
  specs:
    classifier (1.3.3)
      fast-stemmer (>= 1.0.0)
    colorator (0.1)
    commander (4.1.5)
      highline (~> 1.6.11)
    commonjs (0.2.6)
    directory_watcher (1.4.1)
    fast-stemmer (1.0.2)
    highline (1.6.19)
    jekyll-less (0.0.4)
      jekyll (>= 0.10.0)
      less (>= 2.0.5)
    kramdown (1.2.0)
    less (2.3.2)
      commonjs (~> 0.2.6)
    libv8 (3.11.8.17)
    liquid (2.5.2)
    maruku (0.6.1)
      syntax (>= 1.0.0)
    posix-spawn (0.3.6)
    pygments.rb (0.5.2)
      posix-spawn (~> 0.3.6)
      yajl-ruby (~> 1.1.0)
    redcarpet (2.3.0)
    ref (1.0.5)
    safe_yaml (0.9.7)
    syntax (1.0.0)
    therubyracer (0.11.4)
      libv8 (~> 3.11.8.12)
      ref
    yajl-ruby (1.1.0)

PLATFORMS
  ruby

DEPENDENCIES
  jekyll!
  jekyll-less
  kramdown
  liquid
  therubyracer
